BrainVision Data Exchange Header File Version 1.0
; Data created by the BrainVision Recorder

[Common Infos]
Codepage=UTF-8
DataFile=Subtest01.eeg
MarkerFile=Subtest01.vmrk
DataFormat=BINARY
; Data orientation: MULTIPLEXED=ch1,pt1, ch2,pt1 ...
DataOrientation=MULTIPLEXED
NumberOfChannels=31
; Sampling interval in microseconds
SamplingInterval=2000

[Binary Infos]
BinaryFormat=IEEE_FLOAT_32

[Channel Infos]
; Each entry: Ch<Channel number>=<Name>,<Reference channel name>,
; <Resolution in "Unit">,<Unit>, Future extensions..
; Fields are delimited by commas, some fields might be omitted (empty).
; Commas in channel names are coded as "\1".
Ch1=FP1,,0.0488281,µV
Ch2=FPZ,,0.0488281,µV
Ch3=FP2,,0.0488281,µV
Ch4=F7,,0.0488281,µV
Ch5=F3,,0.0488281,µV
Ch6=FZ,,0.0488281,µV
Ch7=F4,,0.0488281,µV
Ch8=F8,,0.0488281,µV
Ch9=FT9,,0.0488281,µV
Ch10=FC5,,0.0488281,µV
Ch11=FC1,,0.0488281,µV
Ch12=FC2,,0.0488281,µV
Ch13=FC6,,0.0488281,µV
Ch14=FT10,,0.0488281,µV
Ch15=T7,,0.0488281,µV
Ch16=C3,,0.0488281,µV
Ch17=CZ,,0.0488281,µV
Ch18=C4,,0.0488281,µV
Ch19=T8,,0.0488281,µV
Ch20=CP5,,0.0488281,µV
Ch21=CP1,,0.0488281,µV
Ch22=CP2,,0.0488281,µV
Ch23=CP6,,0.0488281,µV
Ch24=P7,,0.0488281,µV
Ch25=P3,,0.0488281,µV
Ch26=PZ,,0.0488281,µV
Ch27=P4,,0.0488281,µV
Ch28=P8,,0.0488281,µV
Ch29=O1,,0.0488281,µV
Ch30=OZ,,0.0488281,µV
Ch31=O2,,0.0488281,µV

[Comment]

BrainVision Recorder Professional   -   V. 1.23.0003


A m p l i f i e r  S e t u p
============================
Number of channels: 31
Sampling Rate [Hz]: 500
Sampling Interval [µS]: 2000

Channels
--------
#     Name      Phys. Chn.    Resolution / Unit   Low Cutoff [s]   High Cutoff [Hz]   Notch [Hz]    Gradient         Offset
1     FP1         1          0.0488281 µV             DC              140              Off
2     FPZ         2          0.0488281 µV             DC              140              Off
3     FP2         3          0.0488281 µV             DC              140              Off
4     F7          4          0.0488281 µV             DC              140              Off
5     F3          5          0.0488281 µV             DC              140              Off
6     FZ          6          0.0488281 µV             DC              140              Off
7     F4          7          0.0488281 µV             DC              140              Off
8     F8          8          0.0488281 µV             DC              140              Off
9     FT9         9          0.0488281 µV             DC              140              Off
10    FC5         10         0.0488281 µV             DC              140              Off
11    FC1         11         0.0488281 µV             DC              140              Off
12    FC2         12         0.0488281 µV             DC              140              Off
13    FC6         13         0.0488281 µV             DC              140              Off
14    FT10        14         0.0488281 µV             DC              140              Off
15    T7          15         0.0488281 µV             DC              140              Off
16    C3          16         0.0488281 µV             DC              140              Off
17    CZ          17         0.0488281 µV             DC              140              Off
18    C4          18         0.0488281 µV             DC              140              Off
19    T8          19         0.0488281 µV             DC              140              Off
20    CP5         20         0.0488281 µV             DC              140              Off
21    CP1         21         0.0488281 µV             DC              140              Off
22    CP2         22         0.0488281 µV             DC              140              Off
23    CP6         23         0.0488281 µV             DC              140              Off
24    P7          25         0.0488281 µV             DC              140              Off
25    P3          26         0.0488281 µV             DC              140              Off
26    PZ          27         0.0488281 µV             DC              140              Off
27    P4          28         0.0488281 µV             DC              140              Off
28    P8          29         0.0488281 µV             DC              140              Off
29    O1          30         0.0488281 µV             DC              140              Off
30    OZ          31         0.0488281 µV             DC              140              Off
31    O2          32         0.0488281 µV             DC              140              Off

Reference Channel Name = REF
Reference Phys. Chn.   = 24
Use active/dry Electrodes = Yes 
Good Level [kOhms]     = 10
Bad Level [kOhms]      = 50
MY-Button Workspace    = C:\Vision\Workfiles\MYButton

Amplifier 
actiCHamp Base Unit (5002) 
  --- S/N 20010221 --- 

actiCHamp 32 CH Module
  --- Module 1 (5011): S/N 20010448 ---
Version: DLL_27.18.06.25, DRV_03.04.01.146, CTRL_104.18.06.25, FPGA_67.00.00.00, DSP_105.19.02.27 


S o f t w a r e  F i l t e r s
==============================
Disabled


Data/Gnd Electrodes Selected Impedance Measurement Range: 10 - 50 kOhm
Impedance [kOhm] at 14:49:44 :
FP1:          7
FPZ:          1
FP2:         10
F7:           8
F3:           9
FZ:           3
F4:          13
F8:           8
FT9:         14
FC5:          6
FC1:         13
FC2:          7
FC6:          2
FT10:         4
T7:           8
C3:           0
CZ:          27
C4:           1
T8:          12
CP5:         10
CP1:          0
CP2:          6
CP6:         13
REF:          4
P7:           3
P3:          13
PZ:          17
P4:           9
P8:           3
O1:           6
OZ:          17
O2:           4
Gnd:         14
